PATH
  remote: .
  specs:
    old_translation (0.1.0)
      i18n (= 1.5.2)

GEM
  remote: https://rubygems.org/
  specs:
    concurrent-ruby (1.2.2)
    i18n (1.5.2)
      concurrent-ruby (~> 1.0)
    rake (12.3.3)

PLATFORMS
  ruby

DEPENDENCIES
  old_translation!
  rake (~> 12.0)

BUNDLED WITH
   2.1.4
